FRAMEWORK: >= NET452
NUGET
  remote: https://api.nuget.org/v3/index.json
    FSharp.Charting (0.91.1)
    System.ValueTuple (4.3.1)
